GIT
  remote: https://github.com/square/border_patrol.git
  revision: 72c50ea17c89f7fa89fbaed25ad3db3fa1d8eeb1
  specs:
    border_patrol (0.2.1)
      nokogiri

GEM
  remote: https://rubygems.org/
  specs:
    mini_portile (0.6.2)
    nokogiri (1.6.6.2)
      mini_portile (~> 0.6.0)
    thor (0.19.1)

PLATFORMS
  ruby

DEPENDENCIES
  border_patrol!
  thor

BUNDLED WITH
   1.10.6
